GEM
  remote: https://rubygems.org/
  specs:
    RubyInline (3.12.3)
      ZenTest (~> 4.3)
    ZenTest (4.10.1)
    actionmailer (2.3.15)
      actionpack (= 2.3.15)
    actionpack (2.3.15)
      activesupport (= 2.3.15)
      rack (~> 1.1.3)
    activerecord (2.3.15)
      activesupport (= 2.3.15)
    activeresource (2.3.15)
      activesupport (= 2.3.15)
    activesupport (2.3.15)
    daemon_controller (1.2.0)
    execjs (2.2.1)
    geokit (1.8.5)
      multi_json (>= 1.3.2)
    geokit-rails (1.1.4)
      geokit (>= 1.5.0)
    hike (1.2.3)
    httparty (0.11.0)
      multi_json (~> 1.0)
      multi_xml (>= 0.5.2)
    image_science (1.2.6)
      RubyInline (~> 3.9)
    jshintrb (0.2.4)
      execjs
      multi_json (>= 1.3)
      rake
    json (1.8.1)
    libv8 (3.16.14.5)
    multi_json (1.10.1)
    multi_xml (0.5.5)
    mysql (2.9.1)
    oa-core (0.3.2)
    oa-openid (0.3.2)
      oa-core (= 0.3.2)
      rack-openid (~> 1.3.1)
      ruby-openid-apps-discovery (~> 1.2.0)
    passenger (4.0.48)
      daemon_controller (>= 1.2.0)
      rack
      rake (>= 0.8.1)
    rack (1.1.6)
    rack-openid (1.3.1)
      rack (>= 1.1.0)
      ruby-openid (>= 2.1.8)
    rails (2.3.15)
      actionmailer (= 2.3.15)
      actionpack (= 2.3.15)
      activerecord (= 2.3.15)
      activeresource (= 2.3.15)
      activesupport (= 2.3.15)
      rake (>= 0.8.3)
    rake (10.3.2)
    rdiscount (2.1.7.1)
    rdoc (4.1.1)
      json (~> 1.4)
    recaptcha (0.3.6)
    ref (1.0.5)
    ruby-openid (2.5.0)
    ruby-openid-apps-discovery (1.2.0)
      ruby-openid (>= 2.1.7)
    sass (3.4.0)
    sprockets (2.12.1)
      hike (~> 1.2)
      multi_json (~> 1.0)
      rack (~> 1.0)
      tilt (~> 1.1, != 1.3.0)
    sqlite3 (1.3.9)
    therubyracer (0.12.1)
      libv8 (~> 3.16.14.0)
      ref
    tilt (1.4.1)
    will_paginate (2.3.16)

PLATFORMS
  ruby

DEPENDENCIES
  RubyInline
  geokit-rails (= 1.1.4)
  httparty (= 0.11.0)
  image_science (= 1.2.6)
  jshintrb
  mysql (= 2.9.1)
  oa-openid (= 0.3.2)
  passenger
  rails (= 2.3.15)
  rdiscount (= 2.1.7.1)
  rdoc
  recaptcha (= 0.3.6)
  sass
  sprockets (= 2.12.1)
  sqlite3
  therubyracer
  will_paginate (= 2.3.16)
