GEM
  remote: https://rubygems.org/
  specs:
    RubyInline (3.12.3)
      ZenTest (~> 4.3)
    ZenTest (4.10.1)
    actionmailer (2.3.15)
      actionpack (= 2.3.15)
    actionpack (2.3.15)
      activesupport (= 2.3.15)
      rack (~> 1.1.3)
    activerecord (2.3.15)
      activesupport (= 2.3.15)
    activeresource (2.3.15)
      activesupport (= 2.3.15)
    activesupport (2.3.15)
    geokit (1.8.5)
      multi_json (>= 1.3.2)
    geokit-rails (1.1.4)
      geokit (>= 1.5.0)
    httparty (0.11.0)
      multi_json (~> 1.0)
      multi_xml (>= 0.5.2)
    image_science (1.2.6)
      RubyInline (~> 3.9)
    json (1.8.1)
    multi_json (1.10.1)
    multi_xml (0.5.5)
    mysql (2.9.1)
    oa-core (0.3.2)
    oa-openid (0.3.2)
      oa-core (= 0.3.2)
      rack-openid (~> 1.3.1)
      ruby-openid-apps-discovery (~> 1.2.0)
    rack (1.1.6)
    rack-openid (1.3.1)
      rack (>= 1.1.0)
      ruby-openid (>= 2.1.8)
    rails (2.3.15)
      actionmailer (= 2.3.15)
      actionpack (= 2.3.15)
      activerecord (= 2.3.15)
      activeresource (= 2.3.15)
      activesupport (= 2.3.15)
      rake (>= 0.8.3)
    rake (10.3.2)
    rdoc (4.1.1)
      json (~> 1.4)
    recaptcha (0.3.6)
    ruby-openid (2.5.0)
    ruby-openid-apps-discovery (1.2.0)
      ruby-openid (>= 2.1.7)
    will_paginate (2.3.16)

PLATFORMS
  ruby

DEPENDENCIES
  RubyInline
  geokit-rails (= 1.1.4)
  httparty (= 0.11.0)
  image_science (= 1.2.6)
  mysql (= 2.9.1)
  oa-openid (= 0.3.2)
  rails (= 2.3.15)
  rdoc
  recaptcha (= 0.3.6)
  will_paginate (= 2.3.16)
